GEM
  remote: https://rubygems.org/
  specs:
    activemodel (5.1.4)
      activesupport (= 5.1.4)
    activerecord (5.1.4)
      activemodel (= 5.1.4)
      activesupport (= 5.1.4)
      arel (~> 8.0)
    activesupport (5.1.4)
      concurrent-ruby (~> 1.0, >= 1.0.2)
      i18n (~> 0.7)
      minitest (~> 5.1)
      tzinfo (~> 1.1)
    arel (8.0.0)
    colored (1.2)
    concurrent-ruby (1.0.5)
    dkim-query (0.2.6)
      parslet (~> 1.6)
    i18n (0.9.1)
      concurrent-ruby (~> 1.0)
    minitest (5.10.3)
    netaddr (1.5.1)
    parslet (1.8.1)
    pg (0.21.0)
    spf-query (0.1.5)
      parslet (~> 1.0)
    thread_safe (0.3.6)
    tzinfo (1.2.4)
      thread_safe (~> 0.1)

PLATFORMS
  ruby

DEPENDENCIES
  activerecord (~> 5.0)
  colored
  dkim-query
  netaddr
  pg
  spf-query

BUNDLED WITH
   1.16.0
